GEM
  remote: https://rubygems.org/
  specs:
    qif (1.2.0)

PLATFORMS
  ruby

DEPENDENCIES
  qif

BUNDLED WITH
   1.11.2
